PATH
  remote: .
  specs:
    quicker_ticker (0.1.0)

GEM
  remote: https://rubygems.org/
  specs:
    coderay (1.1.2)
    colorize (0.8.1)
    diff-lcs (1.3)
    method_source (0.9.2)
    mini_portile (0.5.3)
    nokogiri (1.6.0)
      mini_portile (~> 0.5.0)
    pry (0.12.2)
      coderay (~> 1.1.0)
      method_source (~> 0.9.0)
    rake (13.0.1)
    require_all (2.0.0)
    rspec (3.8.0)
      rspec-core (~> 3.8.0)
      rspec-expectations (~> 3.8.0)
      rspec-mocks (~> 3.8.0)
    rspec-core (3.8.2)
      rspec-support (~> 3.8.0)
    rspec-expectations (3.8.4)
      diff-lcs (>= 1.2.0, < 2.0)
      rspec-support (~> 3.8.0)
    rspec-mocks (3.8.1)
      diff-lcs (>= 1.2.0, < 2.0)
      rspec-support (~> 3.8.0)
    rspec-support (3.8.2)

PLATFORMS
  ruby

DEPENDENCIES
  bundler (~> 2.0)
  colorize
  nokogiri (= 1.6)
  pry
  quicker_ticker!
  rake (~> 13.0)
  require_all
  rspec (~> 3.0)

BUNDLED WITH
   2.0.1
